GEM
  specs:
    tk (0.5.0)

PLATFORMS
  ruby
  x86_64-darwin-23

DEPENDENCIES
  tk (~> 0.5.0)

BUNDLED WITH
   2.5.22
